GEM
  remote: https://rubygems.org/
  specs:
    cgi (0.3.1)
    concurrent-ruby (1.1.9)
    erb (2.2.3)
      cgi
    i18n (1.9.1)
      concurrent-ruby (~> 1.0)
    webrick (1.7.0)

PLATFORMS
  arm64-darwin-20
  ruby

DEPENDENCIES
  erb
  i18n
  webrick

BUNDLED WITH
   2.3.6
