GEM
  remote: https://rubygems.org/
  specs:
    cgi (0.3.1)
    concurrent-ruby (1.1.9)
    erb (2.2.3)
      cgi
    i18n (1.9.1)
      concurrent-ruby (~> 1.0)
    require_all (3.0.0)

PLATFORMS
  arm64-darwin-20

DEPENDENCIES
  erb
  i18n
  require_all

BUNDLED WITH
   2.3.6
